GEM
  remote: https://rubygems.org/
  specs:
    business (2.3.0)
    slop (4.10.1)

PLATFORMS
  arm64-darwin-23
  ruby

DEPENDENCIES
  business (~> 2.3)
  slop (~> 4.10)

BUNDLED WITH
   2.6.6
