GEM
  specs:
    business (2.3.0)
    slop (4.10.1)

PLATFORMS
  ruby

DEPENDENCIES
  business (~> 2.0)
  slop

BUNDLED WITH
   2.1.4
