GEM
  remote: https://rubygems.org/
  specs:
    drip (0.1.1)
      rbtree
    rbtree (0.4.6)

PLATFORMS
  aarch64-linux
  arm-linux
  arm64-darwin
  x86-linux
  x86_64-darwin
  x86_64-linux

DEPENDENCIES
  drip

BUNDLED WITH
   2.5.11
