GEM
  remote: https://rubygems.org/
  specs:
    slop (4.10.1)

PLATFORMS
  arm64-darwin-23
  ruby

DEPENDENCIES
  slop (~> 4.10)

BUNDLED WITH
   2.6.6
